GEM
  remote: https://rubygems.org/
  specs:
    activesupport (4.2.1)
      i18n (~> 0.7)
      json (~> 1.7, >= 1.7.7)
      minitest (~> 5.1)
      thread_safe (~> 0.3, >= 0.3.4)
      tzinfo (~> 1.1)
    archive-zip (0.7.0)
      io-like (~> 0.3.0)
    celluloid (0.16.0)
      timers (~> 4.0.0)
    cli_miami (0.0.9)
      term-ansicolor (~> 1.3)
    coderay (1.1.0)
    coveralls (0.8.0)
      multi_json (~> 1.10)
      rest-client (>= 1.6.8, < 2)
      simplecov (~> 0.9.1)
      term-ansicolor (~> 1.3)
      thor (~> 0.19.1)
    diff-lcs (1.2.5)
    docile (1.1.5)
    domain_name (0.5.23)
      unf (>= 0.0.5, < 1.0.0)
    ffi (1.9.8)
    formatador (0.2.5)
    git (1.2.9.1)
    guard (2.12.5)
      formatador (>= 0.2.4)
      listen (~> 2.7)
      lumberjack (~> 1.0)
      nenv (~> 0.1)
      notiffany (~> 0.0)
      pry (>= 0.9.12)
      shellany (~> 0.0)
      thor (>= 0.18.1)
    guard-bundler (2.1.0)
      bundler (~> 1.0)
      guard (~> 2.2)
      guard-compat (~> 1.1)
    guard-compat (1.2.1)
    guard-rspec (4.5.0)
      guard (~> 2.1)
      guard-compat (~> 1.1)
      rspec (>= 2.99.0, < 4.0)
    hitimes (1.2.2)
    http-cookie (1.0.2)
      domain_name (~> 0.5)
    i18n (0.7.0)
    io-like (0.3.0)
    json (1.8.2)
    listen (2.10.0)
      celluloid (~> 0.16.0)
      rb-fsevent (>= 0.9.3)
      rb-inotify (>= 0.9)
    lumberjack (1.0.9)
    method_source (0.8.2)
    mime-types (2.4.3)
    minitest (5.6.0)
    multi_json (1.11.0)
    nenv (0.2.0)
    netrc (0.10.3)
    notiffany (0.0.6)
      nenv (~> 0.1)
      shellany (~> 0.0)
    pry (0.10.1)
      coderay (~> 1.1.0)
      method_source (~> 0.8.1)
      slop (~> 3.4)
    rb-fsevent (0.9.4)
    rb-inotify (0.9.5)
      ffi (>= 0.5.0)
    rest-client (1.8.0)
      http-cookie (>= 1.0.2, < 2.0)
      mime-types (>= 1.16, < 3.0)
      netrc (~> 0.7)
    rspec (3.2.0)
      rspec-core (~> 3.2.0)
      rspec-expectations (~> 3.2.0)
      rspec-mocks (~> 3.2.0)
    rspec-core (3.2.3)
      rspec-support (~> 3.2.0)
    rspec-expectations (3.2.1)
      diff-lcs (>= 1.2.0, < 2.0)
      rspec-support (~> 3.2.0)
    rspec-mocks (3.2.1)
      diff-lcs (>= 1.2.0, < 2.0)
      rspec-support (~> 3.2.0)
    rspec-support (3.2.2)
    ruby-progressbar (1.7.5)
    shellany (0.0.1)
    simplecov (0.9.2)
      docile (~> 1.1.0)
      multi_json (~> 1.0)
      simplecov-html (~> 0.9.0)
    simplecov-html (0.9.0)
    slop (3.6.0)
    sourcerer_ (1.0.0)
      activesupport (~> 4.1)
      archive-zip (~> 0.7)
      git (~> 1.2)
    term-ansicolor (1.3.0)
      tins (~> 1.0)
    terminal-notifier-guard (1.6.4)
    thor (0.19.1)
    thread_safe (0.3.5)
    timers (4.0.1)
      hitimes
    tins (1.3.5)
    tzinfo (1.2.2)
      thread_safe (~> 0.1)
    unf (0.1.4)
      unf_ext
    unf_ext (0.0.6)

PLATFORMS
  ruby

DEPENDENCIES
  bundler (~> 1.7)
  cli_miami (~> 0.0)
  coveralls (~> 0.7)
  guard (~> 2.6)
  guard-bundler (~> 2.1)
  guard-rspec (~> 4.3)
  rspec (~> 3.1)
  ruby-progressbar
  sourcerer_ (~> 1.0)
  terminal-notifier-guard (~> 1.5)
  thor (~> 0.19)
